GEM
  remote: https://rubygems.org/
  specs:
    awesome_print (1.6.1)
    backports (3.6.8)
    ffi (1.9.10)
    haml (4.0.7)
      tilt
    json (1.8.3)
    listen (3.0.6)
      rb-fsevent (>= 0.9.3)
      rb-inotify (>= 0.9.7)
    multi_json (1.11.2)
    pg (0.18.4)
    rack (1.6.4)
    rack-protection (1.5.3)
      rack
    rack-test (0.6.3)
      rack (>= 1.0)
    rake (11.1.1)
    rb-fsevent (0.9.7)
    rb-inotify (0.9.7)
      ffi (>= 0.5.0)
    rerun (0.11.0)
      listen (~> 3.0)
    sequel (4.32.0)
    sinatra (1.4.7)
      rack (~> 1.5)
      rack-protection (~> 1.4)
      tilt (>= 1.3, < 3)
    sinatra-contrib (1.4.6)
      backports (>= 2.0)
      multi_json
      rack-protection
      rack-test
      sinatra (~> 1.4.0)
      tilt (>= 1.3, < 3)
    sqlite3 (1.3.11)
    tilt (2.0.2)

PLATFORMS
  ruby

DEPENDENCIES
  awesome_print
  haml
  json
  pg
  rack
  rake
  rerun
  sequel
  sinatra
  sinatra-contrib
  sqlite3
